PATH
  remote: .
  specs:
    rblineprof (0.3.8)
      debugger-ruby_core_source (~> 1.3)

GEM
  remote: https://rubygems.org/
  specs:
    debugger-ruby_core_source (1.3.8)
    rake (13.0.1)
    rake-compiler (1.1.0)
      rake

PLATFORMS
  ruby

DEPENDENCIES
  rake-compiler
  rblineprof!

BUNDLED WITH
   2.1.0.pre.1
